GIT
  remote: https://github.com/rd084c/simple-captcha.git
  revision: 5e463155368bbeff0622e0c59396e7a2f92dae4b
  specs:
    simple_captcha2 (0.4.3)
      rails (>= 4.1)

GEM
  remote: https://gems.ruby-china.com/
  specs:
    actioncable (5.2.1)
      actionpack (= 5.2.1)
      nio4r (~> 2.0)
      websocket-driver (>= 0.6.1)
    actionmailer (5.2.1)
      actionpack (= 5.2.1)
      actionview (= 5.2.1)
      activejob (= 5.2.1)
      mail (~> 2.5, >= 2.5.4)
      rails-dom-testing (~> 2.0)
    actionpack (5.2.1)
      actionview (= 5.2.1)
      activesupport (= 5.2.1)
      rack (~> 2.0)
      rack-test (>= 0.6.3)
      rails-dom-testing (~> 2.0)
      rails-html-sanitizer (~> 1.0, >= 1.0.2)
    actionview (5.2.1)
      activesupport (= 5.2.1)
      builder (~> 3.1)
      erubi (~> 1.4)
      rails-dom-testing (~> 2.0)
      rails-html-sanitizer (~> 1.0, >= 1.0.3)
    activejob (5.2.1)
      activesupport (= 5.2.1)
      globalid (>= 0.3.6)
    activemodel (5.2.1)
      activesupport (= 5.2.1)
    activerecord (5.2.1)
      activemodel (= 5.2.1)
      activesupport (= 5.2.1)
      arel (>= 9.0)
    activestorage (5.2.1)
      actionpack (= 5.2.1)
      activerecord (= 5.2.1)
      marcel (~> 0.3.1)
    activesupport (5.2.1)
      concurrent-ruby (~> 1.0, >= 1.0.2)
      i18n (>= 0.7, < 2)
      minitest (~> 5.1)
      tzinfo (~> 1.1)
    amq-protocol (2.3.2)
    ancestry (3.0.7)
      activerecord (>= 3.2.0)
    apiblueprint-rails (0.1.1)
      railties (>= 3.0.0)
    arel (9.0.0)
    ast (2.4.0)
    batch_api (0.3.0)
      middleware
    bcrypt (3.1.13)
    bootsnap (1.3.2)
      msgpack (~> 1.0)
    bson (4.7.1)
    builder (3.2.3)
    bunny (2.17.0)
      amq-protocol (~> 2.3, >= 2.3.1)
    byebug (10.0.2)
    chronic (0.10.2)
    climate_control (0.2.0)
    coderay (1.1.2)
    concurrent-ruby (1.0.5)
    crass (1.0.4)
    database_cleaner (1.7.0)
    default_value_for (3.1.0)
      activerecord (>= 3.2.0, < 6.0)
    diff-lcs (1.3)
    dotenv (0.7.0)
    erubi (1.7.1)
    excel2csv (0.3.4)
    factory_bot (4.11.1)
      activesupport (>= 3.0.0)
    factory_bot_rails (4.11.1)
      factory_bot (~> 4.11.1)
      railties (>= 3.0.0)
    faker (1.9.1)
      i18n (>= 0.7)
    ffi (1.9.25)
    foreman (0.64.0)
      dotenv (~> 0.7.0)
      thor (>= 0.13.6)
    formatador (0.2.5)
    globalid (0.4.1)
      activesupport (>= 4.2.0)
    guard (2.14.2)
      formatador (>= 0.2.4)
      listen (>= 2.7, < 4.0)
      lumberjack (>= 1.0.12, < 2.0)
      nenv (~> 0.1)
      notiffany (~> 0.0)
      pry (>= 0.9.12)
      shellany (~> 0.0)
      thor (>= 0.18.1)
    guard-compat (1.2.1)
    guard-rspec (4.7.3)
      guard (~> 2.1)
      guard-compat (~> 1.1)
      rspec (>= 2.99.0, < 4.0)
    i18n (1.1.1)
      concurrent-ruby (~> 1.0)
    jaro_winkler (1.5.1)
    jbuilder (2.8.0)
      activesupport (>= 4.2.0)
      multi_json (>= 1.2)
    json (2.1.0)
    jwt (2.1.0)
    kaminari (1.1.1)
      activesupport (>= 4.1.0)
      kaminari-actionview (= 1.1.1)
      kaminari-activerecord (= 1.1.1)
      kaminari-core (= 1.1.1)
    kaminari-actionview (1.1.1)
      actionview
      kaminari-core (= 1.1.1)
    kaminari-activerecord (1.1.1)
      activerecord
      kaminari-core (= 1.1.1)
    kaminari-core (1.1.1)
    listen (3.1.5)
      rb-fsevent (~> 0.9, >= 0.9.4)
      rb-inotify (~> 0.9, >= 0.9.7)
      ruby_dep (~> 1.2)
    loofah (2.2.3)
      crass (~> 1.0.2)
      nokogiri (>= 1.5.9)
    lumberjack (1.0.13)
    mail (2.7.1)
      mini_mime (>= 0.1.1)
    marcel (0.3.3)
      mimemagic (~> 0.3.2)
    method_source (0.9.1)
    middleware (0.1.0)
    mime-types (3.2.2)
      mime-types-data (~> 3.2015)
    mime-types-data (3.2018.0812)
    mimemagic (0.3.2)
    mini_magick (4.8.0)
    mini_mime (1.0.1)
    mini_portile2 (2.3.0)
    minitest (5.11.3)
    mongo (2.11.3)
      bson (>= 4.4.2, < 5.0.0)
    msgpack (1.2.4)
    multi_json (1.13.1)
    nenv (0.3.0)
    nio4r (2.3.1)
    nokogiri (1.8.5)
      mini_portile2 (~> 2.3.0)
    notiffany (0.1.1)
      nenv (~> 0.1)
      shellany (~> 0.0)
    paperclip (6.1.0)
      activemodel (>= 4.2.0)
      activesupport (>= 4.2.0)
      mime-types
      mimemagic (~> 0.3.0)
      terrapin (~> 0.6.0)
    parallel (1.12.1)
    parser (2.5.3.0)
      ast (~> 2.4.0)
    pg (1.1.3)
    powerpack (0.1.2)
    pry (0.11.3)
      coderay (~> 1.1.0)
      method_source (~> 0.9.0)
    puma (3.12.0)
    rack (2.0.5)
    rack-cors (1.0.2)
    rack-test (1.1.0)
      rack (>= 1.0, < 3)
    rails (5.2.1)
      actioncable (= 5.2.1)
      actionmailer (= 5.2.1)
      actionpack (= 5.2.1)
      actionview (= 5.2.1)
      activejob (= 5.2.1)
      activemodel (= 5.2.1)
      activerecord (= 5.2.1)
      activestorage (= 5.2.1)
      activesupport (= 5.2.1)
      bundler (>= 1.3.0)
      railties (= 5.2.1)
      sprockets-rails (>= 2.0.0)
    rails-dom-testing (2.0.3)
      activesupport (>= 4.2.0)
      nokogiri (>= 1.6)
    rails-html-sanitizer (1.0.4)
      loofah (~> 2.2, >= 2.2.2)
    railties (5.2.1)
      actionpack (= 5.2.1)
      activesupport (= 5.2.1)
      method_source
      rake (>= 0.8.7)
      thor (>= 0.19.0, < 2.0)
    rainbow (3.0.0)
    rake (12.3.1)
    ransack (2.1.1)
      actionpack (>= 5.0)
      activerecord (>= 5.0)
      activesupport (>= 5.0)
      i18n
    rb-fsevent (0.10.3)
    rb-inotify (0.9.10)
      ffi (>= 0.5.0, < 2)
    redis (4.1.3)
    rmmseg-cpp-new (0.3.1)
    rspec (3.8.0)
      rspec-core (~> 3.8.0)
      rspec-expectations (~> 3.8.0)
      rspec-mocks (~> 3.8.0)
    rspec-core (3.8.0)
      rspec-support (~> 3.8.0)
    rspec-expectations (3.8.2)
      diff-lcs (>= 1.2.0, < 2.0)
      rspec-support (~> 3.8.0)
    rspec-mocks (3.8.0)
      diff-lcs (>= 1.2.0, < 2.0)
      rspec-support (~> 3.8.0)
    rspec-rails (3.8.1)
      actionpack (>= 3.0)
      activesupport (>= 3.0)
      railties (>= 3.0)
      rspec-core (~> 3.8.0)
      rspec-expectations (~> 3.8.0)
      rspec-mocks (~> 3.8.0)
      rspec-support (~> 3.8.0)
    rspec-support (3.8.0)
    rubocop (0.60.0)
      jaro_winkler (~> 1.5.1)
      parallel (~> 1.10)
      parser (>= 2.5, != 2.5.1.1)
      powerpack (~> 0.1)
      rainbow (>= 2.2.2, < 4.0)
      ruby-progressbar (~> 1.7)
      unicode-display_width (~> 1.4.0)
    rubocop-rspec (1.30.1)
      rubocop (>= 0.60.0)
    ruby-ole (1.2.12.1)
    ruby-pinyin (0.5.0)
      rmmseg-cpp-new (~> 0.3.1)
    ruby-progressbar (1.10.0)
    ruby_dep (1.5.0)
    rubyzip (2.2.0)
    shellany (0.0.1)
    shoulda-matchers (3.1.2)
      activesupport (>= 4.0.0)
    simple_command (0.0.9)
    simple_xlsx_reader (1.0.4)
      nokogiri
      rubyzip
    spreadsheet (1.1.8)
      ruby-ole (>= 1.0)
    spring (2.0.2)
      activesupport (>= 4.2)
    spring-watcher-listen (2.0.1)
      listen (>= 2.7, < 4.0)
      spring (>= 1.2, < 3.0)
    sprockets (3.7.2)
      concurrent-ruby (~> 1.0)
      rack (> 1, < 3)
    sprockets-rails (3.2.1)
      actionpack (>= 4.0)
      activesupport (>= 4.0)
      sprockets (>= 3.0.0)
    terrapin (0.6.0)
      climate_control (>= 0.0.3, < 1.0)
    thor (0.20.0)
    thread_safe (0.3.6)
    tzinfo (1.2.5)
      thread_safe (~> 0.1)
    unicode-display_width (1.4.0)
    websocket-driver (0.7.0)
      websocket-extensions (>= 0.1.0)
    websocket-extensions (0.1.3)
    whenever (0.10.0)
      chronic (>= 0.6.3)

PLATFORMS
  ruby

DEPENDENCIES
  ancestry
  apiblueprint-rails
  batch_api
  bcrypt (~> 3.1.7)
  bootsnap (>= 1.1.0)
  bunny (>= 2.13.0)
  byebug
  database_cleaner
  default_value_for
  excel2csv
  factory_bot_rails (~> 4.0)
  faker
  foreman
  guard (~> 2.14.2)
  guard-rspec (~> 4.7.3)
  jbuilder (~> 2.5)
  json
  jwt
  kaminari
  listen (>= 3.0.5, < 3.2)
  mini_magick (~> 4.8.0)
  mongo (~> 2.11.3)
  paperclip
  pg (>= 0.18, < 2.0)
  puma (~> 3.11)
  rack-cors
  rails (~> 5.2.1)
  ransack
  redis (~> 4.0)
  rspec-rails
  rubocop-rspec
  ruby-pinyin
  shoulda-matchers (~> 3.1)
  simple_captcha2!
  simple_command
  simple_xlsx_reader (~> 1.0.2)
  spreadsheet
  spring
  spring-watcher-listen (~> 2.0.0)
  tzinfo-data
  whenever

RUBY VERSION
   ruby 2.5.1p57

BUNDLED WITH
   1.17.3
